PATH
  remote: .
  specs:
    pubsubc (0.1.0)
      clamp (~> 1.3.2)
      google-cloud-pubsub (~> 2.7.1)
      jazz_fingers (~> 6.2.0)
      rainbow (~> 3.0.0)

GEM
  remote: https://rubygems.org/
  specs:
    addressable (2.8.0)
      public_suffix (>= 2.0.2, < 5.0)
    amazing_print (1.3.0)
    ast (2.4.2)
    byebug (11.1.3)
    clamp (1.3.2)
    coderay (1.1.3)
    concurrent-ruby (1.1.9)
    coolline (0.5.0)
      unicode_utils (~> 1.4)
    diff-lcs (1.4.4)
    faraday (1.5.1)
      faraday-em_http (~> 1.0)
      faraday-em_synchrony (~> 1.0)
      faraday-excon (~> 1.1)
      faraday-httpclient (~> 1.0.1)
      faraday-net_http (~> 1.0)
      faraday-net_http_persistent (~> 1.1)
      faraday-patron (~> 1.0)
      multipart-post (>= 1.2, < 3)
      ruby2_keywords (>= 0.0.4)
    faraday-em_http (1.0.0)
    faraday-em_synchrony (1.0.0)
    faraday-excon (1.1.0)
    faraday-httpclient (1.0.1)
    faraday-net_http (1.0.1)
    faraday-net_http_persistent (1.2.0)
    faraday-patron (1.0.0)
    gapic-common (0.6.0)
      faraday (~> 1.3)
      google-protobuf (~> 3.14)
      googleapis-common-protos (>= 1.3.11, < 2.a)
      googleapis-common-protos-types (>= 1.0.6, < 2.a)
      googleauth (>= 0.16.2, < 2.a)
      grpc (~> 1.36)
    google-cloud-core (1.6.0)
      google-cloud-env (~> 1.0)
      google-cloud-errors (~> 1.0)
    google-cloud-env (1.5.0)
      faraday (>= 0.17.3, < 2.0)
    google-cloud-errors (1.1.0)
    google-cloud-pubsub (2.7.1)
      concurrent-ruby (~> 1.1)
      google-cloud-core (~> 1.5)
      google-cloud-pubsub-v1 (~> 0.0)
    google-cloud-pubsub-v1 (0.5.2)
      gapic-common (>= 0.5, < 2.a)
      google-cloud-errors (~> 1.0)
      grpc-google-iam-v1 (>= 0.6.10, < 2.a)
    google-protobuf (3.17.3-x86_64-linux)
    googleapis-common-protos (1.3.11)
      google-protobuf (~> 3.14)
      googleapis-common-protos-types (>= 1.0.6, < 2.0)
      grpc (~> 1.27)
    googleapis-common-protos-types (1.1.0)
      google-protobuf (~> 3.14)
    googleauth (0.16.2)
      faraday (>= 0.17.3, < 2.0)
      jwt (>= 1.4, < 3.0)
      memoist (~> 0.16)
      multi_json (~> 1.11)
      os (>= 0.9, < 2.0)
      signet (~> 0.14)
    grpc (1.38.0-x86_64-linux)
      google-protobuf (~> 3.15)
      googleapis-common-protos-types (~> 1.0)
    grpc-google-iam-v1 (0.6.11)
      google-protobuf (~> 3.14)
      googleapis-common-protos (>= 1.3.11, < 2.0)
      grpc (~> 1.27)
    jazz_fingers (6.2.0)
      amazing_print (~> 1.3)
      pry (~> 0.10)
      pry-byebug (~> 3.9)
      pry-coolline (~> 0.2)
    jwt (2.2.3)
    memoist (0.16.2)
    method_source (1.0.0)
    multi_json (1.15.0)
    multipart-post (2.1.1)
    os (1.1.1)
    parallel (1.20.1)
    parser (3.0.2.0)
      ast (~> 2.4.1)
    pry (0.13.1)
      coderay (~> 1.1)
      method_source (~> 1.0)
    pry-byebug (3.9.0)
      byebug (~> 11.0)
      pry (~> 0.13.0)
    pry-coolline (0.2.5)
      coolline (~> 0.5)
    public_suffix (4.0.6)
    rainbow (3.0.0)
    rake (13.0.6)
    regexp_parser (2.1.1)
    rexml (3.2.5)
    rspec (3.10.0)
      rspec-core (~> 3.10.0)
      rspec-expectations (~> 3.10.0)
      rspec-mocks (~> 3.10.0)
    rspec-core (3.10.1)
      rspec-support (~> 3.10.0)
    rspec-expectations (3.10.1)
      diff-lcs (>= 1.2.0, < 2.0)
      rspec-support (~> 3.10.0)
    rspec-mocks (3.10.2)
      diff-lcs (>= 1.2.0, < 2.0)
      rspec-support (~> 3.10.0)
    rspec-support (3.10.2)
    rubocop (1.18.4)
      parallel (~> 1.10)
      parser (>= 3.0.0.0)
      rainbow (>= 2.2.2, < 4.0)
      regexp_parser (>= 1.8, < 3.0)
      rexml
      rubocop-ast (>= 1.8.0, < 2.0)
      ruby-progressbar (~> 1.7)
      unicode-display_width (>= 1.4.0, < 3.0)
    rubocop-ast (1.8.0)
      parser (>= 3.0.1.1)
    rubocop-performance (1.11.4)
      rubocop (>= 1.7.0, < 2.0)
      rubocop-ast (>= 0.4.0)
    rubocop-rake (0.5.1)
      rubocop
    rubocop-rspec (2.2.0)
      rubocop (~> 1.0)
      rubocop-ast (>= 1.1.0)
    ruby-progressbar (1.11.0)
    ruby2_keywords (0.0.5)
    signet (0.15.0)
      addressable (~> 2.3)
      faraday (>= 0.17.3, < 2.0)
      jwt (>= 1.5, < 3.0)
      multi_json (~> 1.10)
    unicode-display_width (2.0.0)
    unicode_utils (1.4.0)

PLATFORMS
  x86_64-linux

DEPENDENCIES
  pubsubc!
  rake (~> 13.0)
  rspec (~> 3.0)
  rubocop (~> 1.7)
  rubocop-performance (~> 1.11.0)
  rubocop-rake (= 0.5.1)
  rubocop-rspec (~> 2.2.0)

BUNDLED WITH
   2.2.24
